PATH
  remote: .
  specs:
    rsmp (0.1.32)
      async (~> 1.28.7)
      async-io (~> 1.30.2)
      colorize (~> 0.8.1)
      rsmp_schemer (~> 0.2.0)
      thor (~> 1.0.1)

GEM
  remote: https://rubygems.org/
  specs:
    aruba (1.0.0)
      childprocess (~> 3.0)
      contracts (~> 0.16.0)
      cucumber (>= 2.4, < 4.0)
      ffi (~> 1.9)
      rspec-expectations (~> 3.4)
      thor (~> 1.0)
    async (1.28.9)
      console (~> 1.10)
      nio4r (~> 2.3)
      timers (~> 4.1)
    async-io (1.30.2)
      async (~> 1.14)
    backports (3.17.0)
    builder (3.2.4)
    childprocess (3.0.0)
    colorize (0.8.1)
    console (1.12.0)
      fiber-local
    contracts (0.16.0)
    cucumber (3.1.2)
      builder (>= 2.1.2)
      cucumber-core (~> 3.2.0)
      cucumber-expressions (~> 6.0.1)
      cucumber-wire (~> 0.0.1)
      diff-lcs (~> 1.3)
      gherkin (~> 5.1.0)
      multi_json (>= 1.7.5, < 2.0)
      multi_test (>= 0.1.2)
    cucumber-core (3.2.1)
      backports (>= 3.8.0)
      cucumber-tag_expressions (~> 1.1.0)
      gherkin (~> 5.0)
    cucumber-expressions (6.0.1)
    cucumber-tag_expressions (1.1.1)
    cucumber-wire (0.0.1)
    diff-lcs (1.3)
    ecma-re-validator (0.3.0)
      regexp_parser (~> 2.0)
    ffi (1.12.2)
    fiber-local (1.0.0)
    gherkin (5.1.0)
    hana (1.3.7)
    json_schemer (0.2.18)
      ecma-re-validator (~> 0.3)
      hana (~> 1.3)
      regexp_parser (~> 2.0)
      uri_template (~> 0.7)
    multi_json (1.14.1)
    multi_test (0.1.2)
    nio4r (2.5.7)
    rake (13.0.1)
    regexp_parser (2.1.1)
    rsmp_schemer (0.2.0)
      json_schemer (~> 0.2.18)
    rspec (3.9.0)
      rspec-core (~> 3.9.0)
      rspec-expectations (~> 3.9.0)
      rspec-mocks (~> 3.9.0)
    rspec-core (3.9.1)
      rspec-support (~> 3.9.1)
    rspec-expectations (3.9.1)
      diff-lcs (>= 1.2.0, < 2.0)
      rspec-support (~> 3.9.0)
    rspec-mocks (3.9.1)
      diff-lcs (>= 1.2.0, < 2.0)
      rspec-support (~> 3.9.0)
    rspec-support (3.9.2)
    thor (1.0.1)
    timecop (0.9.1)
    timers (4.3.3)
    uri_template (0.7.0)

PLATFORMS
  ruby

DEPENDENCIES
  aruba (~> 1.0.0)
  bundler (~> 2.2.3)
  cucumber (~> 3.1.2)
  rake (~> 13.0.1)
  rsmp!
  rspec (~> 3.9.0)
  rspec-expectations (~> 3.9.1)
  timecop (~> 0.9.1)

BUNDLED WITH
   2.2.3
