GEM
  remote: https://rubygems.org/
  specs:
    async (1.20.1)
      console (~> 1.0)
      nio4r (~> 2.3)
      timers (~> 4.1)
    async-io (1.24.0)
      async (~> 1.14)
    colorize (0.8.1)
    console (1.4.0)
    diff-lcs (1.3)
    nio4r (2.4.0)
    rspec (3.8.0)
      rspec-core (~> 3.8.0)
      rspec-expectations (~> 3.8.0)
      rspec-mocks (~> 3.8.0)
    rspec-core (3.8.2)
      rspec-support (~> 3.8.0)
    rspec-expectations (3.8.3)
      diff-lcs (>= 1.2.0, < 2.0)
      rspec-support (~> 3.8.0)
    rspec-mocks (3.8.1)
      diff-lcs (>= 1.2.0, < 2.0)
      rspec-support (~> 3.8.0)
    rspec-support (3.8.0)
    rspec-with_params (0.2.0)
      rspec (~> 3.0)
    timecop (0.9.1)
    timers (4.3.0)

PLATFORMS
  ruby

DEPENDENCIES
  async
  async-io
  colorize
  rspec
  rspec-expectations
  rspec-with_params
  timecop

BUNDLED WITH
   2.0.2
