PATH
  remote: .
  specs:
    rsmp (0.1.1)
      async (~> 1.23.0)
      async-io (~> 1.27.0)
      colorize (~> 0.8.1)
      json_schemer (~> 0.2.8)
      thor (~> 0.20.3)

GEM
  remote: https://rubygems.org/
  specs:
    aruba (0.14.11)
      childprocess (>= 0.6.3, < 3.0.0)
      contracts (~> 0.9)
      cucumber (>= 1.3.19)
      ffi (~> 1.9)
      rspec-expectations (>= 2.99)
      thor (~> 0.19)
    async (1.23.0)
      console (~> 1.0)
      nio4r (~> 2.3)
      timers (~> 4.1)
    async-io (1.27.0)
      async (~> 1.14)
    backports (3.15.0)
    builder (3.2.3)
    childprocess (2.0.0)
      rake (< 13.0)
    colorize (0.8.1)
    console (1.5.0)
    contracts (0.16.0)
    cucumber (3.1.2)
      builder (>= 2.1.2)
      cucumber-core (~> 3.2.0)
      cucumber-expressions (~> 6.0.1)
      cucumber-wire (~> 0.0.1)
      diff-lcs (~> 1.3)
      gherkin (~> 5.1.0)
      multi_json (>= 1.7.5, < 2.0)
      multi_test (>= 0.1.2)
    cucumber-core (3.2.1)
      backports (>= 3.8.0)
      cucumber-tag_expressions (~> 1.1.0)
      gherkin (~> 5.0)
    cucumber-expressions (6.0.1)
    cucumber-tag_expressions (1.1.1)
    cucumber-wire (0.0.1)
    diff-lcs (1.3)
    ecma-re-validator (0.2.0)
      regexp_parser (~> 1.2)
    ffi (1.11.1)
    gherkin (5.1.0)
    hana (1.3.5)
    json_schemer (0.2.8)
      ecma-re-validator (~> 0.2)
      hana (~> 1.3)
      regexp_parser (~> 1.5)
      uri_template (~> 0.7)
    multi_json (1.13.1)
    multi_test (0.1.2)
    nio4r (2.5.2)
    rake (10.5.0)
    regexp_parser (1.6.0)
    rspec (3.8.0)
      rspec-core (~> 3.8.0)
      rspec-expectations (~> 3.8.0)
      rspec-mocks (~> 3.8.0)
    rspec-core (3.8.2)
      rspec-support (~> 3.8.0)
    rspec-expectations (3.8.4)
      diff-lcs (>= 1.2.0, < 2.0)
      rspec-support (~> 3.8.0)
    rspec-mocks (3.8.1)
      diff-lcs (>= 1.2.0, < 2.0)
      rspec-support (~> 3.8.0)
    rspec-support (3.8.2)
    rspec-with_params (0.2.0)
      rspec (~> 3.0)
    thor (0.20.3)
    timecop (0.9.1)
    timers (4.3.0)
    uri_template (0.7.0)

PLATFORMS
  ruby

DEPENDENCIES
  aruba (~> 0.14.11)
  bundler (~> 2.0)
  cucumber (~> 3.1.2)
  rake (~> 10.0)
  rsmp!
  rspec (~> 3.0)
  rspec-expectations (~> 3.8.3)
  rspec-with_params (~> 0.2.0)
  timecop (~> 0.9.1)

BUNDLED WITH
   2.1.0.pre.2
